NRRD0004
# Complete NRRD file format specification at:
# http://teem.sourceforge.net/nrrd/format.html
type: float
dimension: 4
space: left-posterior-superior
sizes: 6 256 256 51
space directions: none (1,0,0) (0,1,0) (0,0,2.6000000000000001)
kinds: 3D-symmetric-matrix domain domain domain
endian: little
encoding: gzip
space origin: (-130.42699999999999,-153.27799999999999,-6.2587900000000003)
data file: DTIVolume.raw.gz
